GEM
  remote: https://rubygems.org/
  specs:
    benchmark (0.4.1)
    diff-lcs (1.6.2)
    docile (1.4.1)
    memory_profiler (1.1.0)
    rack (2.2.17)
    rake (13.3.0)
    rspec (3.13.1)
      rspec-core (~> 3.13.0)
      rspec-expectations (~> 3.13.0)
      rspec-mocks (~> 3.13.0)
    rspec-core (3.13.5)
      rspec-support (~> 3.13.0)
    rspec-expectations (3.13.5)
      diff-lcs (>= 1.2.0, < 2.0)
      rspec-support (~> 3.13.0)
    rspec-mocks (3.13.5)
      diff-lcs (>= 1.2.0, < 2.0)
      rspec-support (~> 3.13.0)
    rspec-support (3.13.4)
    simplecov (0.22.0)
      docile (~> 1.1)
      simplecov-html (~> 0.11)
      simplecov_json_formatter (~> 0.1)
    simplecov-html (0.13.2)
    simplecov_json_formatter (0.1.4)
    stackprof (0.2.27)
    webrick (1.9.1)

PLATFORMS
  ruby
  x86_64-darwin-22

DEPENDENCIES
  benchmark
  memory_profiler
  rack (~> 2.2)
  rake (~> 13.0)
  rspec (~> 3.12)
  simplecov (~> 0.22)
  stackprof
  webrick (~> 1.7)

BUNDLED WITH
   2.7.1
